GEM
  remote: https://rubygems.org/
  specs:
    commander (4.4.3)
      highline (~> 1.7.2)
    firebase (0.2.6)
      httpclient
      json
    grocer (0.7.1)
    highline (1.7.8)
    houston (2.2.4)
      commander (~> 4.4)
      json
    httpclient (2.8.3)
    json (2.3.1)

PLATFORMS
  ruby

DEPENDENCIES
  bundler
  firebase
  grocer
  houston

RUBY VERSION
   ruby 2.5.1p57

BUNDLED WITH
   1.16.1
